GEM
  remote: https://rubygems.org/
  specs:
    curb (0.9.3)
    mini_portile2 (2.1.0)
    nokogiri (1.7.1)
      mini_portile2 (~> 2.1.0)

PLATFORMS
  ruby

DEPENDENCIES
  curb
  nokogiri

BUNDLED WITH
   1.13.6
